GEM
  remote: https://rubygems.org/
  specs:
    axiom-types (0.1.1)
      descendants_tracker (~> 0.0.4)
      ice_nine (~> 0.11.0)
      thread_safe (~> 0.3, >= 0.3.1)
    coercible (1.0.0)
      descendants_tracker (~> 0.0.1)
    concurrent-ruby (1.0.5)
    descendants_tracker (0.0.4)
      thread_safe (~> 0.3, >= 0.3.1)
    easy_translate (0.5.1)
      thread
      thread_safe
    equalizer (0.0.11)
    faraday (0.15.2)
      multipart-post (>= 1.2, < 3)
    ice_nine (0.11.2)
    inflecto (0.0.2)
    multipart-post (2.0.0)
    pg (1.1.1)
    semantic_logger (4.3.0)
      concurrent-ruby (~> 1.0)
    sequel (5.11.0)
    telegram-bot-ruby (0.8.6.1)
      faraday
      inflecto
      virtus
    thread (0.2.2)
    thread_safe (0.3.6)
    virtus (1.0.5)
      axiom-types (~> 0.1)
      coercible (~> 1.0)
      descendants_tracker (~> 0.0, >= 0.0.3)
      equalizer (~> 0.0, >= 0.0.9)

PLATFORMS
  ruby

DEPENDENCIES
  easy_translate
  pg
  semantic_logger
  sequel
  telegram-bot-ruby

RUBY VERSION
   ruby 2.5.1p57

BUNDLED WITH
   1.16.4
